GEM
  remote: http://rubygems.org/
  specs:
    POpen4 (0.1.4)
      Platform (>= 0.4.0)
      open4
    Platform (0.4.0)
    adsf (1.0.1)
      rack (>= 1.0.0)
    builder (3.0.0)
    chunky_png (1.2.0)
    compass (0.11.1)
      chunky_png (~> 1.1)
      fssm (>= 0.2.7)
      sass (~> 3.1)
    compass-bootstrap (0.1.3)
      compass (>= 0.10.0)
    cri (1.0.1)
    daemons (1.1.4)
    eventmachine (0.12.10)
    fssm (0.2.7)
    growl (1.0.3)
    guard (0.3.4)
      thor (~> 0.14.6)
    guard-nanoc (0.1.0)
      guard (>= 0.2.1)
      nanoc (>= 3.1.5)
    haml (3.1.1)
    maruku (0.6.0)
      syntax (>= 1.0.0)
    mime-types (1.16)
    nanoc (3.1.7)
      nanoc3 (>= 3.1.7)
    nanoc3 (3.1.7)
      cri (>= 1.0.0)
    open4 (1.0.1)
    rack (1.3.0)
    rack-contrib (1.1.0)
      rack (>= 0.9.1)
    rack-rewrite (1.0.2)
    rb-fsevent (0.4.0)
    sass (3.1.1)
    syntax (1.0.0)
    thin (1.2.11)
      daemons (>= 1.0.9)
      eventmachine (>= 0.12.6)
      rack (>= 1.0.0)
    thor (0.14.6)
    yui-compressor (0.9.6)
      POpen4 (>= 0.1.4)

PLATFORMS
  ruby

DEPENDENCIES
  adsf
  builder
  compass
  compass-bootstrap
  growl
  guard
  guard-nanoc
  haml
  maruku
  mime-types
  nanoc
  rack
  rack-contrib
  rack-rewrite
  rb-fsevent
  thin
  yui-compressor
